GEM
  remote: https://rubygems.org/
  specs:
    airrecord (1.0.11)
      faraday (>= 1.0, < 3.0)
      faraday-net_http_persistent
      net-http-persistent
    connection_pool (2.3.0)
    faraday (2.7.4)
      faraday-net_http (>= 2.0, < 3.1)
      ruby2_keywords (>= 0.0.4)
    faraday-net_http (3.0.2)
    faraday-net_http_persistent (2.1.0)
      faraday (~> 2.5)
      net-http-persistent (~> 4.0)
    ndjson (1.0.0)
    net-http-persistent (4.0.1)
      connection_pool (~> 2.2)
    ruby2_keywords (0.0.5)

PLATFORMS
  arm64-darwin-22

DEPENDENCIES
  airrecord (~> 1.0)
  ndjson (~> 1.0)

BUNDLED WITH
   2.4.7
